PATH
  remote: .
  specs:
    url-encoding-validator (0.0.1)

GEM
  remote: http://rubygems.org/
  specs:
    activesupport (3.2.12)
      i18n (~> 0.6)
      multi_json (~> 1.0)
    i18n (0.6.1)
    metaclass (0.0.1)
    mocha (0.13.0)
      metaclass (~> 0.0.1)
    multi_json (1.6.1)
    rake (10.0.4)
    shoulda (3.3.2)
      shoulda-context (~> 1.0.1)
      shoulda-matchers (~> 1.4.1)
    shoulda-context (1.0.2)
    shoulda-matchers (1.4.1)
      activesupport (>= 3.0.0)

PLATFORMS
  ruby

DEPENDENCIES
  mocha
  rake
  shoulda
  url-encoding-validator!
